PATH
  remote: .
  specs:
    rack-throttle (0.4.2)
      bundler (>= 1.0.0)
      rack (>= 1.0.0)

GEM
  remote: http://rubygems.org/
  specs:
    awesome_print (1.8.0)
    coderay (1.1.2)
    diff-lcs (1.2.5)
    method_source (0.9.0)
    pry (0.11.3)
      coderay (~> 1.1.0)
      method_source (~> 0.9.0)
    rack (2.0.1)
    rack-test (0.6.3)
      rack (>= 1.0)
    rspec (3.5.0)
      rspec-core (~> 3.5.0)
      rspec-expectations (~> 3.5.0)
      rspec-mocks (~> 3.5.0)
    rspec-core (3.5.3)
      rspec-support (~> 3.5.0)
    rspec-expectations (3.5.0)
      diff-lcs (>= 1.2.0, < 2.0)
      rspec-support (~> 3.5.0)
    rspec-mocks (3.5.0)
      diff-lcs (>= 1.2.0, < 2.0)
      rspec-support (~> 3.5.0)
    rspec-support (3.5.0)
    timecop (0.8.1)
    yard (0.9.5)

PLATFORMS
  ruby

DEPENDENCIES
  awesome_print
  pry
  rack-test
  rack-throttle!
  rspec
  timecop
  yard

BUNDLED WITH
   1.16.1
