PATH
  remote: .
  specs:
    rack-throttle (0.4.1)
      bundler (>= 1.0.0)
      rack (>= 1.0.0)

GEM
  remote: http://rubygems.org/
  specs:
    diff-lcs (1.2.5)
    rack (2.0.1)
    rack-test (0.6.3)
      rack (>= 1.0)
    rspec (3.5.0)
      rspec-core (~> 3.5.0)
      rspec-expectations (~> 3.5.0)
      rspec-mocks (~> 3.5.0)
    rspec-core (3.5.3)
      rspec-support (~> 3.5.0)
    rspec-expectations (3.5.0)
      diff-lcs (>= 1.2.0, < 2.0)
      rspec-support (~> 3.5.0)
    rspec-mocks (3.5.0)
      diff-lcs (>= 1.2.0, < 2.0)
      rspec-support (~> 3.5.0)
    rspec-support (3.5.0)
    timecop (0.8.1)
    yard (0.9.5)

PLATFORMS
  ruby

DEPENDENCIES
  rack-test
  rack-throttle!
  rspec
  timecop
  yard

BUNDLED WITH
   1.12.5
