PATH
  remote: .
  specs:
    rack-throttle (0.4.1)
      bundler (>= 1.0.0)
      rack (>= 1.0.0)

GEM
  remote: http://rubygems.org/
  specs:
    rack (2.0.1)
    rack-test (0.5.3)
      rack (>= 1.0)
    rake (11.2.2)
    rspec (1.3.0)
    timecop (0.3.4)
    yard (0.9.5)

PLATFORMS
  ruby

DEPENDENCIES
  rack-test (= 0.5.3)
  rack-throttle!
  rake
  rspec (= 1.3.0)
  timecop (= 0.3.4)
  yard (>= 0.5.5)

BUNDLED WITH
   1.13.1
